GEM
  remote: http://rubygems.org/
  specs:
    bouncy-castle-java (1.5.0146.1)
    builder (3.0.0)
    ci_reporter (1.6.5)
      builder (>= 2.1.2)
    cucumber (0.10.7)
      builder (>= 2.1.2)
      diff-lcs (>= 1.1.2)
      gherkin (~> 2.4.0)
      json (>= 1.4.6)
      term-ansicolor (>= 1.0.5)
    diff-lcs (1.1.2)
    ffi (1.0.9-java)
    gherkin (2.4.14-java)
      json (>= 1.4.6)
    git (1.2.5)
    jruby-openssl (0.7.4)
      bouncy-castle-java
    json (1.5.3-java)
    lucene (0.5.0.beta.1)
    net-ftp-list (3.2.0)
    net-sftp (2.0.5)
      net-ssh (>= 2.0.9)
    net-ssh (2.2.0)
    plugin_manager (1.3)
    rake (0.9.2)
    rcov (0.9.9-java)
    redcar-bundles (0.2-java)
    redcar-icons (0.2-java)
    redcar-javamateview (0.1-java)
      swt
    redcar-svnkit (0.1-java)
    rspec (1.3.2)
    ruby-blockcache (0.1-java)
    spoon (0.0.1)
    swt (0.8-java)
    term-ansicolor (1.0.6)
    watchr (0.7)

PLATFORMS
  java

DEPENDENCIES
  bouncy-castle-java
  ci_reporter
  cucumber (~> 0.9)
  ffi
  git
  jruby-openssl
  json
  lucene (~> 0.5.0.beta.1)
  net-ftp-list
  net-sftp
  net-ssh
  plugin_manager
  rake
  rcov (= 0.9.9)
  redcar-bundles
  redcar-icons
  redcar-javamateview
  redcar-svnkit
  rspec (< 2.0.0)
  ruby-blockcache
  spoon
  swt (~> 0.1)
  watchr
